GEM
  remote: https://rubygems.org/
  specs:
    TerraformDevKit (0.1.6)
      aws-sdk (~> 2.9.37)
      rubyzip (~> 1.2.1)
    aws-sdk (2.9.44)
      aws-sdk-resources (= 2.9.44)
    aws-sdk-core (2.9.44)
      aws-sigv4 (~> 1.0)
      jmespath (~> 1.0)
    aws-sdk-resources (2.9.44)
      aws-sdk-core (= 2.9.44)
    aws-sigv4 (1.0.1)
    jmespath (1.3.1)
    rake (12.0.0)
    rubyzip (1.2.1)

PLATFORMS
  ruby
  x64-mingw32
  x86-mingw32
  x86_64-linux

DEPENDENCIES
  TerraformDevKit (~> 0.1.6)!
  rake!
  rubyzip!

BUNDLED WITH
   1.15.1
