GEM
  remote: https://rubygems.org/
  specs:
    aws-sdk (2.9.21)
      aws-sdk-resources (= 2.9.21)
    aws-sdk-core (2.9.21)
      aws-sigv4 (~> 1.0)
      jmespath (~> 1.0)
    aws-sdk-resources (2.9.21)
      aws-sdk-core (= 2.9.21)
    aws-sigv4 (1.0.0)
    jmespath (1.3.1)
    rake (12.0.0)
    rubyzip (1.2.1)

PLATFORMS
  x86-mingw32

DEPENDENCIES
  aws-sdk!
  rake!
  rubyzip!

BUNDLED WITH
   1.14.6
